GEM
  remote: http://rubygems.org/
  specs:
    coffee-script (2.2.0)
      coffee-script-source
      execjs
    coffee-script-source (1.0.1)
    execjs (1.0.0)
      multi_json (~> 1.0)
    multi_json (1.0.0)
    rack (1.3.0)
    rake (0.9.0)
    shotgun (0.9)
      rack (>= 1.0)
    sinatra (1.2.6)
      rack (~> 1.1)
      tilt (< 2.0, >= 1.2.2)
    tilt (1.3.1)

PLATFORMS
  ruby

DEPENDENCIES
  coffee-script
  rake
  shotgun (= 0.9)
  sinatra (= 1.2.6)
